PATH
  remote: .
  specs:
    harri (0.1.3)

GEM
  remote: https://rubygems.org/
  specs:
    minitest (5.16.3)
    rake (13.0.6)

PLATFORMS
  universal-darwin-22
  x86_64-linux

DEPENDENCIES
  harri!
  minitest (~> 5.0)
  rake (~> 13.0)

BUNDLED WITH
   2.3.22
